GEM
  remote: https://rubygems.org/
  specs:
    coderay (1.1.3)
    method_source (1.0.0)
    minitest (5.16.2)
    pry (0.14.1)
      coderay (~> 1.1)
      method_source (~> 1.0)
    rake (13.0.6)
    rbs (2.6.0)
    typeprof (0.21.3)
      rbs (>= 1.8.1)

PLATFORMS
  arm64-darwin-21

DEPENDENCIES
  minitest
  pry
  rake
  typeprof

BUNDLED WITH
   2.3.18
